GEM
  remote: https://rubygems.org/
  specs:
    asciidoctor (2.0.10)
    asciidoctor-diagram (2.0.2)
      asciidoctor (>= 1.5.7, < 3.x)
    coderay (1.1.2)

PLATFORMS
  ruby
  x64-mingw32

DEPENDENCIES
  asciidoctor (~> 2.0)
  asciidoctor-diagram (~> 2.0.1)
  coderay (~> 1.1)

BUNDLED WITH
   2.1.4
